GEM
  remote: http://rubygems.org/
  specs:
    actionmailer (2.3.9)
      actionpack (= 2.3.9)
    actionpack (2.3.9)
      activesupport (= 2.3.9)
      rack (~> 1.1.0)
    activerecord (2.3.9)
      activesupport (= 2.3.9)
    activeresource (2.3.9)
      activesupport (= 2.3.9)
    activesupport (2.3.9)
    acts_as_geocodable (1.0.4)
      graticule (>= 1.0.0.pre2)
    graticule (1.0.0.pre2)
      activesupport (= 2.3.9)
      happymapper (>= 0.3.0)
    happymapper (0.3.2)
      libxml-ruby (~> 1.1.3)
    libxml-ruby (1.1.4)
    mysql (2.8.1)
    rack (1.1.2)
    rails (2.3.9)
      actionmailer (= 2.3.9)
      actionpack (= 2.3.9)
      activerecord (= 2.3.9)
      activeresource (= 2.3.9)
      activesupport (= 2.3.9)
      rake (>= 0.8.3)
    rake (0.9.2)

PLATFORMS
  ruby

DEPENDENCIES
  acts_as_geocodable (= 1.0.4)
  graticule (= 1.0.0.pre2)
  mysql
  rails (= 2.3.9)
